GIT
  remote: https://github.com/pkmitre/omniauth_openid_connect.git
  revision: 0ee34f0074febc1abbd65722b774a38e473c60dc
  specs:
    omniauth_openid_connect (0.7.2)
      omniauth (~> 1.0)
      openid_connect (= 0.7.2)
      rack-oauth2

GIT
  remote: https://github.com/projectcypress/health-data-standards.git
  revision: 9f636da472260fd6b96db659fe473b150e12f8af
  branch: develop
  specs:
    health-data-standards (3.1.1)
      activesupport (~> 3.2.9)
      builder (~> 3.0.0)
      erubis (~> 2.7.0)
      log4r (~> 1.1.10)
      memoist (~> 0.9.0)
      mongoid (~> 3.1.0)
      nokogiri (~> 1.5.5)
      rest-client (~> 1.6.7)
      rubyzip
      uuid (~> 2.3.5)

GEM
  remote: http://rubygems.org/
  specs:
    actionmailer (3.2.13)
      actionpack (= 3.2.13)
      mail (~> 2.5.3)
    actionpack (3.2.13)
      activemodel (= 3.2.13)
      activesupport (= 3.2.13)
      builder (~> 3.0.0)
      erubis (~> 2.7.0)
      journey (~> 1.0.4)
      rack (~> 1.4.5)
      rack-cache (~> 1.2)
      rack-test (~> 0.6.1)
      sprockets (~> 2.2.1)
    activemodel (3.2.13)
      activesupport (= 3.2.13)
      builder (~> 3.0.0)
    activerecord (3.2.13)
      activemodel (= 3.2.13)
      activesupport (= 3.2.13)
      arel (~> 3.0.2)
      tzinfo (~> 0.3.29)
    activeresource (3.2.13)
      activemodel (= 3.2.13)
      activesupport (= 3.2.13)
    activesupport (3.2.13)
      i18n (= 0.6.1)
      multi_json (~> 1.0)
    addressable (2.3.4)
    ansi (1.4.3)
    arel (3.0.2)
    attr_required (0.0.5)
    bcrypt-ruby (3.0.1)
    bindata (1.5.0)
    bootstrap-sass (2.3.1.0)
      sass (~> 3.2)
    builder (3.0.4)
    capistrano (2.13.5)
      highline
      net-scp (>= 1.0.0)
      net-sftp (>= 2.0.0)
      net-ssh (>= 2.0.14)
      net-ssh-gateway (>= 1.1.0)
    coderay (1.0.9)
    coffee-rails (3.2.2)
      coffee-script (>= 2.2.0)
      railties (~> 3.2.0)
    coffee-script (2.2.0)
      coffee-script-source
      execjs
    coffee-script-source (1.6.2)
    configatron (2.10.0)
      yamler (>= 0.1.0)
    cover_me (1.2.0)
      configatron
      hashie
    crack (0.3.2)
    curb (0.8.3)
    daemons (1.1.9)
    devise (2.2.4)
      bcrypt-ruby (~> 3.0)
      orm_adapter (~> 0.1)
      railties (~> 3.1)
      warden (~> 1.2.1)
    dicom (0.9.5)
    erubis (2.7.0)
    eventmachine (1.0.3)
    execjs (1.4.0)
      multi_json (~> 1.0)
    factory_girl (4.2.0)
      activesupport (>= 3.0.0)
    factory_girl_rails (4.2.1)
      factory_girl (~> 4.2.0)
      railties (>= 3.0.0)
    feedzirra (0.0.24)
      activesupport (>= 2.3.8)
      builder (>= 2.1.2)
      curb (>= 0.2.3)
      loofah (>= 0.3.1)
      nokogiri (> 0.0.0)
      sax-machine (>= 0.0.12)
    hashie (2.0.5)
    highline (1.6.19)
    hike (1.2.2)
    httpclient (2.3.4.1)
    i18n (0.6.1)
    journey (1.0.4)
    jquery-rails (2.2.1)
      railties (>= 3.0, < 5.0)
      thor (>= 0.14, < 2.0)
    json (1.8.0)
    json-jwt (0.5.5)
      activesupport (< 4)
      bindata
      multi_json (>= 1.3)
      url_safe_base64
    kaminari (0.14.1)
      actionpack (>= 3.0.0)
      activesupport (>= 3.0.0)
    libv8 (3.11.8.17)
    log4r (1.1.10)
    loofah (1.2.1)
      nokogiri (>= 1.4.4)
    macaddr (1.6.1)
      systemu (~> 2.5.0)
    mail (2.5.4)
      mime-types (~> 1.16)
      treetop (~> 1.4.8)
    memoist (0.9.0)
    method_source (0.8.1)
    mime-types (1.23)
    minitest (4.7.4)
    mongoid (3.1.4)
      activemodel (~> 3.2)
      moped (~> 1.4)
      origin (~> 1.0)
      tzinfo (~> 0.3.22)
    moped (1.5.0)
    multi_json (1.7.8)
    net-scp (1.1.1)
      net-ssh (>= 2.6.5)
    net-sftp (2.1.2)
      net-ssh (>= 2.6.5)
    net-ssh (2.6.7)
    net-ssh-gateway (1.2.0)
      net-ssh (>= 2.6.5)
    nokogiri (1.5.9)
    omniauth (1.1.4)
      hashie (>= 1.2, < 3)
      rack
    openid_connect (0.7.2)
      activemodel (< 4)
      attr_required (>= 0.0.5)
      json (>= 1.4.3)
      json-jwt (>= 0.5.5)
      rack-oauth2 (>= 1.0.0)
      swd (>= 0.1.2)
      tzinfo
      validate_email
      validate_url
      webfinger (>= 0.0.2)
    origin (1.1.0)
    orm_adapter (0.4.0)
    polyglot (0.3.3)
    pry (0.9.12.2)
      coderay (~> 1.0.5)
      method_source (~> 0.8)
      slop (~> 3.4)
    pry-nav (0.2.3)
      pry (~> 0.9.10)
    rack (1.4.5)
    rack-cache (1.2)
      rack (>= 0.4)
    rack-oauth2 (1.0.5)
      activesupport (>= 2.3)
      attr_required (>= 0.0.5)
      httpclient (>= 2.2.0.2)
      multi_json (>= 1.3.6)
      rack (>= 1.1)
    rack-ssl (1.3.3)
      rack
    rack-test (0.6.2)
      rack (>= 1.0)
    rails (3.2.13)
      actionmailer (= 3.2.13)
      actionpack (= 3.2.13)
      activerecord (= 3.2.13)
      activeresource (= 3.2.13)
      activesupport (= 3.2.13)
      bundler (~> 1.0)
      railties (= 3.2.13)
    railties (3.2.13)
      actionpack (= 3.2.13)
      activesupport (= 3.2.13)
      rack-ssl (~> 1.3.2)
      rake (>= 0.8.7)
      rdoc (~> 3.4)
      thor (>= 0.14.6, < 2.0)
    rake (10.0.4)
    rdoc (3.12.2)
      json (~> 1.4)
    ref (1.0.4)
    rest-client (1.6.7)
      mime-types (>= 1.16)
    rmagick (2.13.2)
    rubyzip (0.9.9)
    sass (3.2.9)
    sass-rails (3.2.6)
      railties (~> 3.2.0)
      sass (>= 3.1.10)
      tilt (~> 1.3)
    sax-machine (0.1.0)
      nokogiri (> 0.0.0)
    slop (3.4.5)
    sprockets (2.2.2)
      hike (~> 1.2)
      multi_json (~> 1.0)
      rack (~> 1.0)
      tilt (~> 1.1, != 1.3.0)
    swd (0.2.1)
      activesupport (>= 3)
      attr_required (>= 0.0.5)
      httpclient (>= 2.2.1)
      i18n
      json (>= 1.4.3)
    symbolize (4.3.3)
    systemu (2.5.2)
    therubyracer (0.11.4)
      libv8 (~> 3.11.8.12)
      ref
    thin (1.5.1)
      daemons (>= 1.0.9)
      eventmachine (>= 0.12.6)
      rack (>= 1.0.0)
    thor (0.18.1)
    tilt (1.4.1)
    treetop (1.4.14)
      polyglot
      polyglot (>= 0.3.1)
    turn (0.9.6)
      ansi
    tzinfo (0.3.37)
    uglifier (2.1.0)
      execjs (>= 0.3.0)
      multi_json (~> 1.0, >= 1.0.2)
    url_safe_base64 (0.2.1)
    uuid (2.3.7)
      macaddr (~> 1.0)
    validate_email (0.1.6)
      activemodel (>= 3.0)
      mail (>= 2.2.5)
    validate_url (0.2.0)
      activemodel (>= 3.0.0)
    warden (1.2.1)
      rack (>= 1.0)
    webfinger (0.0.4)
      activesupport (>= 3)
      httpclient (>= 2.2.0.2)
      multi_json
    webmock (1.11.0)
      addressable (>= 2.2.7)
      crack (>= 0.3.2)
    yamler (0.1.0)

PLATFORMS
  ruby

DEPENDENCIES
  bootstrap-sass (~> 2.3.1.0)
  capistrano (= 2.13.5)
  coffee-rails (~> 3.2.1)
  cover_me
  devise
  dicom
  factory_girl_rails
  feedzirra
  health-data-standards!
  jquery-rails
  json-jwt
  kaminari
  minitest (~> 4.0)
  mongoid (~> 3.1.0)
  nokogiri (~> 1.5.5)
  omniauth
  omniauth_openid_connect!
  pry
  pry-nav
  rails (= 3.2.13)
  rest-client
  rmagick
  sass-rails (~> 3.2.3)
  symbolize
  therubyracer
  thin
  turn
  uglifier (>= 1.0.3)
  webmock
